GEM
  specs:
    bloopsaphone (0.4)

PLATFORMS
  ruby

DEPENDENCIES
  bloopsaphone
